PATH
  remote: .
  specs:
    mega_scaffold (0.1.0)
      rails

GEM
  remote: https://rubygems.org/
  specs:
    actioncable (7.0.2.4)
      actionpack (= 7.0.2.4)
      activesupport (= 7.0.2.4)
      nio4r (~> 2.0)
      websocket-driver (>= 0.6.1)
    actionmailbox (7.0.2.4)
      actionpack (= 7.0.2.4)
      activejob (= 7.0.2.4)
      activerecord (= 7.0.2.4)
      activestorage (= 7.0.2.4)
      activesupport (= 7.0.2.4)
      mail (>= 2.7.1)
      net-imap
      net-pop
      net-smtp
    actionmailer (7.0.2.4)
      actionpack (= 7.0.2.4)
      actionview (= 7.0.2.4)
      activejob (= 7.0.2.4)
      activesupport (= 7.0.2.4)
      mail (~> 2.5, >= 2.5.4)
      net-imap
      net-pop
      net-smtp
      rails-dom-testing (~> 2.0)
    actionpack (7.0.2.4)
      actionview (= 7.0.2.4)
      activesupport (= 7.0.2.4)
      rack (~> 2.0, >= 2.2.0)
      rack-test (>= 0.6.3)
      rails-dom-testing (~> 2.0)
      rails-html-sanitizer (~> 1.0, >= 1.2.0)
    actiontext (7.0.2.4)
      actionpack (= 7.0.2.4)
      activerecord (= 7.0.2.4)
      activestorage (= 7.0.2.4)
      activesupport (= 7.0.2.4)
      globalid (>= 0.6.0)
      nokogiri (>= 1.8.5)
    actionview (7.0.2.4)
      activesupport (= 7.0.2.4)
      builder (~> 3.1)
      erubi (~> 1.4)
      rails-dom-testing (~> 2.0)
      rails-html-sanitizer (~> 1.1, >= 1.2.0)
    activejob (7.0.2.4)
      activesupport (= 7.0.2.4)
      globalid (>= 0.3.6)
    activemodel (7.0.2.4)
      activesupport (= 7.0.2.4)
    activerecord (7.0.2.4)
      activemodel (= 7.0.2.4)
      activesupport (= 7.0.2.4)
    activestorage (7.0.2.4)
      actionpack (= 7.0.2.4)
      activejob (= 7.0.2.4)
      activerecord (= 7.0.2.4)
      activesupport (= 7.0.2.4)
      marcel (~> 1.0)
      mini_mime (>= 1.1.0)
    activesupport (7.0.2.4)
      concurrent-ruby (~> 1.0, >= 1.0.2)
      i18n (>= 1.6, < 2)
      minitest (>= 5.1)
      tzinfo (~> 2.0)
    addressable (2.8.0)
      public_suffix (>= 2.0.2, < 5.0)
    builder (3.2.4)
    carrierwave (2.2.2)
      activemodel (>= 5.0.0)
      activesupport (>= 5.0.0)
      addressable (~> 2.6)
      image_processing (~> 1.1)
      marcel (~> 1.0.0)
      mini_mime (>= 0.1.3)
      ssrf_filter (~> 1.0)
    coderay (1.1.3)
    concurrent-ruby (1.1.10)
    countries (5.0.0)
      i18n_data (~> 0.16.0)
      sixarm_ruby_unaccent (~> 1.1)
    country_select (7.0.0)
      countries (~> 5.0)
      sort_alphabetical (~> 1.1)
    crass (1.0.6)
    diff-lcs (1.5.0)
    digest (3.1.0)
    docile (1.4.0)
    erubi (1.10.0)
    faker (2.20.0)
      i18n (>= 1.8.11, < 2)
    ffi (1.15.5)
    globalid (1.0.0)
      activesupport (>= 5.0)
    i18n (1.10.0)
      concurrent-ruby (~> 1.0)
    i18n_data (0.16.0)
      simple_po_parser (~> 1.1)
    image_processing (1.12.2)
      mini_magick (>= 4.9.5, < 5)
      ruby-vips (>= 2.0.17, < 3)
    kaminari (1.2.2)
      activesupport (>= 4.1.0)
      kaminari-actionview (= 1.2.2)
      kaminari-activerecord (= 1.2.2)
      kaminari-core (= 1.2.2)
    kaminari-actionview (1.2.2)
      actionview
      kaminari-core (= 1.2.2)
    kaminari-activerecord (1.2.2)
      activerecord
      kaminari-core (= 1.2.2)
    kaminari-core (1.2.2)
    loofah (2.17.0)
      crass (~> 1.0.2)
      nokogiri (>= 1.5.9)
    mail (2.7.1)
      mini_mime (>= 0.1.1)
    marcel (1.0.2)
    method_source (1.0.0)
    mini_magick (4.11.0)
    mini_mime (1.1.2)
    minitest (5.15.0)
    net-imap (0.2.3)
      digest
      net-protocol
      strscan
    net-pop (0.1.1)
      digest
      net-protocol
      timeout
    net-protocol (0.1.3)
      timeout
    net-smtp (0.3.1)
      digest
      net-protocol
      timeout
    nio4r (2.5.8)
    nokogiri (1.13.4-x86_64-darwin)
      racc (~> 1.4)
    pry (0.14.1)
      coderay (~> 1.1)
      method_source (~> 1.0)
    public_suffix (4.0.7)
    puma (5.6.4)
      nio4r (~> 2.0)
    racc (1.6.0)
    rack (2.2.3)
    rack-test (1.1.0)
      rack (>= 1.0, < 3)
    rails (7.0.2.4)
      actioncable (= 7.0.2.4)
      actionmailbox (= 7.0.2.4)
      actionmailer (= 7.0.2.4)
      actionpack (= 7.0.2.4)
      actiontext (= 7.0.2.4)
      actionview (= 7.0.2.4)
      activejob (= 7.0.2.4)
      activemodel (= 7.0.2.4)
      activerecord (= 7.0.2.4)
      activestorage (= 7.0.2.4)
      activesupport (= 7.0.2.4)
      bundler (>= 1.15.0)
      railties (= 7.0.2.4)
    rails-dom-testing (2.0.3)
      activesupport (>= 4.2.0)
      nokogiri (>= 1.6)
    rails-html-sanitizer (1.4.2)
      loofah (~> 2.3)
    railties (7.0.2.4)
      actionpack (= 7.0.2.4)
      activesupport (= 7.0.2.4)
      method_source
      rake (>= 12.2)
      thor (~> 1.0)
      zeitwerk (~> 2.5)
    rake (13.0.6)
    rspec-core (3.11.0)
      rspec-support (~> 3.11.0)
    rspec-expectations (3.11.0)
      diff-lcs (>= 1.2.0, < 2.0)
      rspec-support (~> 3.11.0)
    rspec-mocks (3.11.1)
      diff-lcs (>= 1.2.0, < 2.0)
      rspec-support (~> 3.11.0)
    rspec-rails (5.1.1)
      actionpack (>= 5.2)
      activesupport (>= 5.2)
      railties (>= 5.2)
      rspec-core (~> 3.10)
      rspec-expectations (~> 3.10)
      rspec-mocks (~> 3.10)
      rspec-support (~> 3.10)
    rspec-support (3.11.0)
    ruby-vips (2.1.4)
      ffi (~> 1.12)
    sassc (2.4.0)
      ffi (~> 1.9)
    simple_po_parser (1.1.6)
    simplecov (0.21.2)
      docile (~> 1.1)
      simplecov-html (~> 0.11)
      simplecov_json_formatter (~> 0.1)
    simplecov-html (0.12.3)
    simplecov_json_formatter (0.1.4)
    sixarm_ruby_unaccent (1.2.0)
    sort_alphabetical (1.1.0)
      unicode_utils (>= 1.2.2)
    sprockets (4.0.3)
      concurrent-ruby (~> 1.0)
      rack (> 1, < 3)
    sprockets-rails (3.4.2)
      actionpack (>= 5.2)
      activesupport (>= 5.2)
      sprockets (>= 3.0.0)
    sqlite3 (1.4.2)
    ssrf_filter (1.0.7)
    strscan (3.0.1)
    thor (1.2.1)
    timeout (0.2.0)
    tzinfo (2.0.4)
      concurrent-ruby (~> 1.0)
    unicode_utils (1.4.0)
    websocket-driver (0.7.5)
      websocket-extensions (>= 0.1.0)
    websocket-extensions (0.1.5)
    zeitwerk (2.5.4)

PLATFORMS
  x86_64-darwin-21

DEPENDENCIES
  carrierwave
  country_select
  faker
  kaminari
  mega_scaffold!
  pry
  puma
  rspec-rails
  sassc
  simplecov
  sprockets-rails
  sqlite3

BUNDLED WITH
   2.3.7
